PATH
  remote: .
  specs:
    visual_graphs (0.1.0)

GEM
  remote: https://rubygems.org/
  specs:
    docile (1.4.0)
    minitest (5.14.4)
    rake (13.0.6)
    ruby2d (0.9.5)
    simplecov (0.21.2)
      docile (~> 1.1)
      simplecov-html (~> 0.11)
      simplecov_json_formatter (~> 0.1)
    simplecov-html (0.12.3)
    simplecov_json_formatter (0.1.3)

PLATFORMS
  x64-mingw32
  x86_64-linux

DEPENDENCIES
  minitest (~> 5.0)
  rake (~> 13.0)
  ruby2d (~> 0.9.2)
  simplecov (~> 0.3)
  visual_graphs!

BUNDLED WITH
   2.2.22
